PATH
  remote: .
  specs:
    resque-multiple-failure-backend (0.0.0)
      resque

GEM
  remote: http://rubygems.org/
  specs:
    gemcutter (0.6.1)
    git (1.2.5)
    jeweler (1.4.0)
      gemcutter (>= 0.1.0)
      git (>= 1.2.5)
      rubyforge (>= 2.0.0)
    json (1.4.6)
    json_pure (1.4.6)
    rack (1.2.1)
    redis (2.0.10)
    redis-namespace (0.8.0)
      redis (< 3.0.0)
    resque (1.10.0)
      json (~> 1.4.6)
      redis-namespace (~> 0.8.0)
      sinatra (>= 0.9.2)
      vegas (~> 0.1.2)
    rubyforge (2.0.4)
      json_pure (>= 1.1.7)
    sinatra (1.0)
      rack (>= 1.0)
    thoughtbot-shoulda (2.11.1)
    vegas (0.1.7)
      rack (>= 1.0.0)

PLATFORMS
  ruby

DEPENDENCIES
  jeweler
  resque
  resque-multiple-failure-backend!
  thoughtbot-shoulda
